GEM
  remote: http://rubygems.org/
  specs:
    absolute_time (1.0.0)
    addressable (2.3.6)
    builder (3.2.2)
    curb (0.8.6)
    fastimage (1.6.4)
      addressable (~> 2.3, >= 2.3.5)
    mime-types (2.4.3)
    mini_portile (0.6.1)
    mono_logger (1.1.0)
    multi_json (1.14.1)
    mustermann (1.1.1)
      ruby2_keywords (~> 0.0.1)
    nokogiri (1.6.4.1)
      mini_portile (~> 0.6.0)
    open4 (1.3.4)
    rack (2.2.2)
    rack-protection (2.0.8.1)
      rack
    redis (4.1.4)
    redis-namespace (1.7.0)
      redis (>= 3.0.4)
    resque (2.0.0)
      mono_logger (~> 1.0)
      multi_json (~> 1.0)
      redis-namespace (~> 1.6)
      sinatra (>= 0.9.2)
      vegas (~> 0.1.2)
    ruby2_keywords (0.0.2)
    rubyzip (1.1.6)
    sinatra (2.0.8.1)
      mustermann (~> 1.0)
      rack (~> 2.0)
      rack-protection (= 2.0.8.1)
      tilt (~> 2.0)
    streamio-ffmpeg (1.0.0)
    tilt (2.0.10)
    trollop (2.0)
    vegas (0.1.11)
      rack (>= 1.0.0)

PLATFORMS
  ruby

DEPENDENCIES
  absolute_time
  builder
  curb
  fastimage
  mime-types
  nokogiri
  open4
  redis
  resque (>= 1.25.2)
  rubyzip
  streamio-ffmpeg
  trollop

BUNDLED WITH
   1.17.3
